GEM
  remote: https://rubygems.org/
  specs:
    json (2.0.2)
    mustermann (1.0.1)
    openssl (2.0.2)
    rack (2.0.3)
    rack-protection (2.0.0)
      rack
    sinatra (2.0.0)
      mustermann (~> 1.0)
      rack (~> 2.0)
      rack-protection (= 2.0.0)
      tilt (~> 2.0)
    tilt (2.0.8)

PLATFORMS
  ruby

DEPENDENCIES
  json
  openssl
  rack
  sinatra

BUNDLED WITH
   1.15.4
